GEM
  remote: http://rubygems.org/
  remote: http://gemcutter.org/
  specs:
    RedCloth (4.2.3)
    actionmailer (2.3.10)
      actionpack (= 2.3.10)
    actionpack (2.3.10)
      activesupport (= 2.3.10)
      rack (~> 1.1.0)
    activerecord (2.3.10)
      activesupport (= 2.3.10)
    activeresource (2.3.10)
      activesupport (= 2.3.10)
    activesupport (2.3.10)
    authlogic (2.1.6)
      activesupport
    block_helpers (0.3.3)
      activesupport (>= 2.0)
    builder (2.1.2)
    columnize (0.3.2)
    crack (0.1.8)
    curb (0.7.8)
    database_cleaner (0.6.0)
    diff-lcs (1.1.2)
    haml (3.0.23)
    httparty (0.6.1)
      crack (= 0.1.8)
    json_pure (1.4.6)
    linecache (0.43)
    marc (0.4.1)
    mime-types (1.16)
    multipart-post (1.0.1)
    nokogiri (1.4.3.1)
    rack (1.1.0)
    rack-test (0.5.6)
      rack (>= 1.0)
    rails (2.3.10)
      actionmailer (= 2.3.10)
      actionpack (= 2.3.10)
      activerecord (= 2.3.10)
      activeresource (= 2.3.10)
      activesupport (= 2.3.10)
      rake (>= 0.8.3)
    rake (0.8.7)
    rcov (0.9.9)
    rsolr (0.12.1)
      builder (>= 2.1.2)
    rsolr-ext (0.12.1)
      rsolr (>= 0.12.1)
    solr-ruby (0.0.8)
    sqlite3-ruby (1.3.0)
    term-ansicolor (1.0.5)
    trollop (1.16.2)
    webrat (0.7.2)
      nokogiri (>= 1.2.0)
      rack (>= 1.0)
      rack-test (>= 0.5.3)
    will_paginate (2.3.15)
    xml-simple (1.0.12)

PLATFORMS
  ruby

DEPENDENCIES
  RedCloth
  authlogic (>= 0.1.0)
  block_helpers
  builder
  columnize
  crack
  curb
  database_cleaner
  diff-lcs
  haml
  httparty
  json_pure (> 1.4.3)
  linecache
  marc
  mime-types
  multipart-post
  nokogiri
  rack
  rack-test
  rails (>= 2.3.5, < 3.0.0)
  rake
  rcov
  rsolr
  rsolr-ext
  solr-ruby
  sqlite3-ruby (= 1.3.0)
  term-ansicolor
  trollop
  webrat
  will_paginate
  xml-simple
