GEM
  remote: http://rubygems.org/
  specs:
    RedCloth (4.2.8)
    actionmailer (2.3.11)
      actionpack (= 2.3.11)
    actionpack (2.3.11)
      activesupport (= 2.3.11)
      rack (~> 1.1.0)
    activerecord (2.3.11)
      activesupport (= 2.3.11)
    activeresource (2.3.11)
      activesupport (= 2.3.11)
    activesupport (2.3.11)
    authlogic (2.1.6)
      activesupport
    block_helpers (0.3.3)
      activesupport (>= 2.0)
    builder (2.1.2)
    columnize (0.3.4)
    crack (0.3.1)
    curb (0.7.15)
    database_cleaner (0.6.7)
    diff-lcs (1.1.3)
    haml (3.1.3)
    httparty (0.8.1)
      multi_json
      multi_xml
    json_pure (1.6.1)
    linecache (0.46)
      rbx-require-relative (> 0.0.4)
    marc (0.4.3)
    mime-types (1.17.2)
    multi_json (1.0.3)
    multi_xml (0.4.1)
    multipart-post (1.1.3)
    nokogiri (1.5.0)
    rack (1.1.2)
    rack-test (0.6.1)
      rack (>= 1.0)
    rails (2.3.11)
      actionmailer (= 2.3.11)
      actionpack (= 2.3.11)
      activerecord (= 2.3.11)
      activeresource (= 2.3.11)
      activesupport (= 2.3.11)
      rake (>= 0.8.3)
    rake (0.9.2.2)
    rbx-require-relative (0.0.5)
    rcov (0.9.11)
    rsolr (0.12.1)
      builder (>= 2.1.2)
    rsolr-ext (0.12.0)
      rsolr (>= 0.12.1)
    solr-ruby (0.0.8)
    sqlite3-ruby (1.2.5)
    term-ansicolor (1.0.7)
    trollop (1.16.2)
    webrat (0.7.3)
      nokogiri (>= 1.2.0)
      rack (>= 1.0)
      rack-test (>= 0.5.3)
    will_paginate (3.0.2)
    xml-simple (1.1.1)

PLATFORMS
  ruby

DEPENDENCIES
  RedCloth
  authlogic (>= 0.1.0)
  block_helpers
  builder (= 2.1.2)
  columnize
  crack
  curb
  database_cleaner
  diff-lcs
  haml
  httparty
  json_pure (> 1.4.3)
  linecache
  marc
  mime-types
  multipart-post
  nokogiri
  rack
  rack-test
  rails (= 2.3.11)
  rake
  rcov
  rsolr (= 0.12.1)
  rsolr-ext (= 0.12.0)
  solr-ruby
  sqlite3-ruby (= 1.2.5)
  term-ansicolor
  trollop
  webrat
  will_paginate
  xml-simple
